GEM
  remote: https://rubygems.org/
  specs:
    highline (1.7.8)
    to_regexp (0.2.1)

PLATFORMS
  ruby

DEPENDENCIES
  highline
  to_regexp

BUNDLED WITH
   1.15.4
